PATH
  remote: ../eson
  specs:
    eson (0.7.0)
      eson-core (= 0.7.0)
      eson-dsl (= 0.7.0)
      eson-http (= 0.7.0)
    eson-core (0.7.0)
      multi_json
    eson-dsl (0.7.0)
      multi_json
    eson-http (0.7.0)
      addressable
      eson-core
      faraday

GEM
  remote: http://rubygems.org/
  specs:
    activemodel (3.2.3)
      activesupport (= 3.2.3)
      builder (~> 3.0.0)
    activesupport (3.2.3)
      i18n (~> 0.6)
      multi_json (~> 1.0)
    addressable (2.2.7)
    builder (3.0.0)
    coderay (1.0.5)
    couch_potato (0.5.7)
      activemodel
      couchrest (>= 1.0.1)
      json
    couchrest (1.0.1)
      json (>= 1.4.6)
      mime-types (>= 1.15)
      rest-client (>= 1.5.1)
    elasticsearch-node (0.7.0)
    faraday (0.7.6)
      addressable (~> 2.2)
      multipart-post (~> 1.1)
      rack (~> 1.1)
    i18n (0.6.0)
    json (1.6.6)
    method_source (0.7.1)
    mime-types (1.18)
    multi_json (1.3.1)
    multipart-post (1.1.5)
    pry (0.9.8.4)
      coderay (~> 1.0.5)
      method_source (~> 0.7.1)
      slop (>= 2.4.4, < 3)
    rack (1.4.1)
    rake (0.9.2.2)
    rest-client (1.6.7)
      mime-types (>= 1.16)
    riot (0.12.5)
      rr
    rr (1.0.4)
    slop (2.4.4)

PLATFORMS
  ruby

DEPENDENCIES
  couch_potato
  elasticsearch-node
  eson!
  pry
  rake
  riot
